GEM
  remote: http://rubygems.org/
  specs:
    pg (0.14.1)
    rack (1.5.2)
    rack-protection (1.5.0)
      rack
    redis (3.0.3)
    sinatra (1.4.2)
      rack (~> 1.5, >= 1.5.2)
      rack-protection (~> 1.4)
      tilt (~> 1.3, >= 1.3.4)
    tilt (1.3.7)

PLATFORMS
  ruby

DEPENDENCIES
  bundler (>= 1.0.10)
  pg
  redis
  sinatra
